PATH
  remote: .
  specs:
    reandeploy-tools (0.1.0)
      faraday (~> 0.9.2)
      thor (~> 0.19.1)

GEM
  remote: https://rubygems.org/
  specs:
    faraday (0.9.2)
      multipart-post (>= 1.2, < 3)
    multipart-post (2.0.0)
    thor (0.19.1)

PLATFORMS
  ruby

DEPENDENCIES
  bundler (~> 1.0)
  reandeploy-tools!

BUNDLED WITH
   1.12.5
