PATH
  remote: .
  specs:
    reanplatform-tools (0.4.3)
      faraday (~> 0.9.2)
      thor (~> 0.19.1)

GEM
  remote: https://rubygems.org/
  specs:
    faraday (0.9.2)
      multipart-post (>= 1.2, < 3)
    multipart-post (2.0.0)
    rake (12.0.0)
    thor (0.19.4)

PLATFORMS
  ruby

DEPENDENCIES
  bundler (~> 1.0)
  rake
  reanplatform-tools!

BUNDLED WITH
   1.12.5
